GEM
  remote: https://rubygems.org/
  specs:
    coderay (1.1.1)
    faker (1.7.3)
      i18n (~> 0.5)
    ffi (1.9.17-java)
    i18n (0.8.1)
    jdbc-postgres (9.4.1206)
    jruby-rack (1.1.20)
    method_source (0.8.2)
    mustermann (1.1.1)
      ruby2_keywords (~> 0.0.1)
    pry (0.10.4)
      coderay (~> 1.1.0)
      method_source (~> 0.8.1)
      slop (~> 3.4)
    pry (0.10.4-java)
      coderay (~> 1.1.0)
      method_source (~> 0.8.1)
      slop (~> 3.4)
      spoon (~> 0.0)
    rack (2.2.3)
    rack-protection (2.2.0)
      rack
    rake (12.0.0)
    ruby2_keywords (0.0.5)
    sequel (4.43.0)
    sinatra (2.2.0)
      mustermann (~> 1.0)
      rack (~> 2.2)
      rack-protection (= 2.2.0)
      tilt (~> 2.0)
    slop (3.6.0)
    spoon (0.0.6)
      ffi
    tilt (2.0.10)
    trinidad (1.4.6)
      jruby-rack (~> 1.1.13)
      trinidad_jars (>= 1.3.0, < 1.5.0)
    trinidad_jars (1.4.2)

PLATFORMS
  java
  ruby

DEPENDENCIES
  faker
  jdbc-postgres
  pry
  rake
  sequel
  sinatra
  trinidad

BUNDLED WITH
   1.14.3
